PATH
  remote: .
  specs:
    version_reader (1.0.1)

GEM
  remote: http://rubygems.org/
  specs:
    diff-lcs (1.1.3)
    rspec (2.11.0)
      rspec-core (~> 2.11.0)
      rspec-expectations (~> 2.11.0)
      rspec-mocks (~> 2.11.0)
    rspec-core (2.11.0)
    rspec-expectations (2.11.1)
      diff-lcs (~> 1.1.3)
    rspec-mocks (2.11.1)
    version_bumper (0.3.0)
    watchr (0.7)

PLATFORMS
  ruby

DEPENDENCIES
  rspec
  version_bumper
  version_reader!
  watchr
